GEM
  remote: https://rubygems.org/
  specs:
    coderay (1.1.0)
    colorize (0.7.7)
    crack (0.4.3)
      safe_yaml (~> 1.0.0)
    diff-lcs (1.2.5)
    faraday (0.9.2)
      multipart-post (>= 1.2, < 3)
    git (1.3.0)
    jasmine (2.4.0)
      jasmine-core (~> 2.4)
      phantomjs
      rack (>= 1.2.1)
      rake
    jasmine-core (2.4.1)
    learn-co (3.3.0)
      learn-config (>= 1.0.75)
      learn-doctor (>= 1.0.3)
      learn-generate (>= 1.0.16)
      learn-hello (>= 1.0.1)
      learn-open (>= 1.1.57)
      learn-status (>= 1.0.1)
      learn-submit (>= 1.1.7)
      learn-test (>= 2.0.0)
      learn_linter (>= 1.6.0)
      netrc (>= 0.11.0)
      thor (>= 0.19.1)
    learn-config (1.0.75)
      learn-web (>= 1.1.0)
      netrc
    learn-doctor (1.0.3)
      colorize
      faraday (~> 0.9)
      learn-web (>= 1.1.0)
      netrc
    learn-generate (1.0.16)
    learn-hello (1.0.1)
      learn-web (>= 1.4.1)
      netrc
    learn-open (1.1.57)
      git
      learn-web (>= 1.4.2)
      netrc
    learn-status (1.0.1)
      colorize
      learn-web (>= 1.2.0)
      netrc
    learn-submit (1.1.7)
      git (~> 1.2)
      learn-web (>= 1.4.2)
      netrc
    learn-test (2.0.0)
      colorize
      crack
      faraday (~> 0.9)
      git (~> 1.2)
      jasmine
      netrc
      oj (~> 2.9)
      rspec (~> 3.0)
    learn-web (1.4.2)
      faraday (~> 0.9)
      oj (~> 2.9)
    learn_linter (1.7.1)
    method_source (0.8.2)
    multipart-post (2.0.0)
    netrc (0.11.0)
    oj (2.14.6)
    phantomjs (2.1.1.0)
    pry (0.10.0)
      coderay (~> 1.1.0)
      method_source (~> 0.8.1)
      slop (~> 3.4)
    rack (1.6.4)
    rake (10.5.0)
    rspec (3.5.0.beta1)
      rspec-core (~> 3.5.0.beta1)
      rspec-expectations (~> 3.5.0.beta1)
      rspec-mocks (~> 3.5.0.beta1)
    rspec-core (3.5.0.beta1)
      rspec-support (~> 3.5.0.beta1)
    rspec-expectations (3.5.0.beta1)
      diff-lcs (>= 1.2.0, < 2.0)
      rspec-support (~> 3.5.0.beta1)
    rspec-mocks (3.5.0.beta1)
      rspec-support (~> 3.5.0.beta1)
    rspec-support (3.5.0.beta1)
    safe_yaml (1.0.4)
    slop (3.6.0)
    thor (0.19.1)

PLATFORMS
  ruby

DEPENDENCIES
  learn-co
  pry
  rspec

BUNDLED WITH
   1.12.0.pre.1
